GEM
  remote: https://rubygems.org/
  specs:
    mini_portile2 (2.3.0)
    nokogiri (1.8.1)
      mini_portile2 (~> 2.3.0)
    psych (3.0.1)
    sequel (5.3.0)
    sqlite3 (1.3.13)

PLATFORMS
  ruby

DEPENDENCIES
  nokogiri
  psych
  sequel
  sqlite3

BUNDLED WITH
   1.16.0
